NUGET
  remote: https://www.nuget.org/api/v2
    EntityFrameworkCore.FSharp (5.0.3-beta004)
      FSharp.Core (>= 5.0) - restriction: >= net50
      Microsoft.EntityFrameworkCore.Design (>= 5.0.3) - restriction: >= net50
    FSharp.Core (5.0.2)
    Humanizer.Core (2.11.10) - restriction: >= net50
    Microsoft.Bcl.AsyncInterfaces (5.0) - restriction: || (&& (>= monoandroid) (< netcoreapp2.0) (>= netstandard2.1)) (&& (< monoandroid) (>= netcoreapp2.0) (< netcoreapp2.1) (>= netstandard2.1) (< xamarinios) (< xamarinmac) (< xamarintvos) (< xamarinwatchos)) (&& (< monoandroid) (< netcoreapp2.0) (>= netstandard2.1) (< xamarinios) (< xamarinmac) (< xamarintvos) (< xamarinwatchos)) (&& (< monoandroid) (>= netcoreapp2.1) (< netcoreapp3.0) (>= netstandard2.1) (< xamarinios) (< xamarinmac) (< xamarintvos) (< xamarinwatchos)) (&& (>= monotouch) (>= netstandard2.1)) (&& (>= net461) (>= netstandard2.1)) (&& (< netcoreapp2.0) (>= netstandard2.1) (>= xamarinios)) (&& (< netcoreapp2.0) (>= netstandard2.1) (>= xamarinmac)) (&& (< netstandard2.0) (>= netstandard2.1) (>= xamarintvos)) (&& (< netstandard2.0) (>= netstandard2.1) (>= xamarinwatchos)) (&& (>= netstandard2.1) (>= uap10.1))
    Microsoft.CSharp (4.7) - restriction: >= net50
    Microsoft.Data.Sqlite.Core (5.0.8) - restriction: >= netstandard2.1
      SQLitePCLRaw.core (>= 2.0.4) - restriction: >= netstandard2.0
    Microsoft.DotNet.PlatformAbstractions (3.1.6) - restriction: >= netstandard2.1
    Microsoft.EntityFrameworkCore (5.0.8)
      Microsoft.EntityFrameworkCore.Abstractions (>= 5.0.8) - restriction: >= netstandard2.1
      Microsoft.EntityFrameworkCore.Analyzers (>= 5.0.8) - restriction: >= netstandard2.1
      Microsoft.Extensions.Caching.Memory (>= 5.0) - restriction: >= netstandard2.1
      Microsoft.Extensions.DependencyInjection (>= 5.0.2) - restriction: >= netstandard2.1
      Microsoft.Extensions.Logging (>= 5.0) - restriction: >= netstandard2.1
      System.Collections.Immutable (>= 5.0) - restriction: >= netstandard2.1
      System.ComponentModel.Annotations (>= 5.0) - restriction: >= netstandard2.1
      System.Diagnostics.DiagnosticSource (>= 5.0.1) - restriction: >= netstandard2.1
    Microsoft.EntityFrameworkCore.Abstractions (5.0.8) - restriction: >= netstandard2.1
    Microsoft.EntityFrameworkCore.Analyzers (5.0.8) - restriction: >= netstandard2.1
    Microsoft.EntityFrameworkCore.Design (5.0.8) - restriction: >= net50
      Humanizer.Core (>= 2.8.26) - restriction: >= netstandard2.1
      Microsoft.CSharp (>= 4.7) - restriction: >= netstandard2.1
      Microsoft.EntityFrameworkCore.Relational (>= 5.0.8) - restriction: >= netstandard2.1
    Microsoft.EntityFrameworkCore.Relational (5.0.8) - restriction: >= netstandard2.1
      Microsoft.EntityFrameworkCore (>= 5.0.8) - restriction: >= netstandard2.1
      Microsoft.Extensions.Configuration.Abstractions (>= 5.0) - restriction: >= netstandard2.1
    Microsoft.EntityFrameworkCore.Sqlite (5.0.8)
      Microsoft.EntityFrameworkCore.Sqlite.Core (>= 5.0.8) - restriction: >= netstandard2.1
      SQLitePCLRaw.bundle_e_sqlite3 (>= 2.0.4) - restriction: >= netstandard2.1
    Microsoft.EntityFrameworkCore.Sqlite.Core (5.0.8) - restriction: >= netstandard2.1
      Microsoft.Data.Sqlite.Core (>= 5.0.8) - restriction: >= netstandard2.1
      Microsoft.DotNet.PlatformAbstractions (>= 3.1.6) - restriction: >= netstandard2.1
      Microsoft.EntityFrameworkCore.Relational (>= 5.0.8) - restriction: >= netstandard2.1
      Microsoft.Extensions.DependencyModel (>= 5.0) - restriction: >= netstandard2.1
    Microsoft.Extensions.Caching.Abstractions (5.0) - restriction: >= netstandard2.1
      Microsoft.Extensions.Primitives (>= 5.0) - restriction: || (>= net461) (>= netstandard2.0)
    Microsoft.Extensions.Caching.Memory (5.0) - restriction: >= netstandard2.1
      Microsoft.Extensions.Caching.Abstractions (>= 5.0) - restriction: || (>= net461) (>= netstandard2.0)
      Microsoft.Extensions.DependencyInjection.Abstractions (>= 5.0) - restriction: || (>= net461) (>= netstandard2.0)
      Microsoft.Extensions.Logging.Abstractions (>= 5.0) - restriction: || (>= net461) (>= netstandard2.0)
      Microsoft.Extensions.Options (>= 5.0) - restriction: || (>= net461) (>= netstandard2.0)
      Microsoft.Extensions.Primitives (>= 5.0) - restriction: || (>= net461) (>= netstandard2.0)
    Microsoft.Extensions.Configuration.Abstractions (5.0) - restriction: >= net50
      Microsoft.Extensions.Primitives (>= 5.0) - restriction: || (>= net461) (>= netstandard2.0)
    Microsoft.Extensions.DependencyInjection (5.0.2) - restriction: >= netstandard2.1
      Microsoft.Extensions.DependencyInjection.Abstractions (>= 5.0) - restriction: || (>= net461) (&& (>= netcoreapp2.1) (< netstandard2.1)) (&& (< netcoreapp2.1) (>= netstandard2.0) (< netstandard2.1)) (&& (< netcoreapp2.1) (>= netstandard2.1)) (>= netcoreapp3.0)
    Microsoft.Extensions.DependencyInjection.Abstractions (5.0) - restriction: || (&& (>= net461) (>= netstandard2.1)) (&& (< netcoreapp2.1) (>= netstandard2.1)) (>= netcoreapp3.0)
    Microsoft.Extensions.DependencyModel (5.0) - restriction: >= netstandard2.1
      System.Buffers (>= 4.5.1) - restriction: || (&& (>= monoandroid) (< netcoreapp2.0)) (&& (< monoandroid) (< net451) (< netcoreapp2.0) (>= netstandard2.0) (< xamarinios) (< xamarinmac) (< xamarintvos) (< xamarinwatchos)) (>= monotouch) (>= net461) (&& (< netcoreapp2.0) (>= xamarinios)) (&& (< netcoreapp2.0) (>= xamarinmac)) (&& (< netstandard2.0) (>= xamarintvos)) (&& (< netstandard2.0) (>= xamarinwatchos))
      System.Memory (>= 4.5.4) - restriction: || (&& (< monoandroid) (< net451) (< netcoreapp2.0) (>= netstandard2.0) (< xamarinios) (< xamarinmac) (< xamarintvos) (< xamarinwatchos)) (&& (< monoandroid) (>= netcoreapp2.0) (< netcoreapp2.1) (< xamarinios) (< xamarinmac) (< xamarintvos) (< xamarinwatchos)) (>= net461) (>= uap10.1)
      System.Text.Encodings.Web (>= 5.0) - restriction: || (&& (>= monoandroid) (< netcoreapp2.0)) (&& (< monoandroid) (< net451) (< netcoreapp2.0) (>= netstandard2.0) (< xamarinios) (< xamarinmac) (< xamarintvos) (< xamarinwatchos)) (&& (< monoandroid) (< net50) (>= netcoreapp2.1) (< xamarinios) (< xamarinmac) (< xamarintvos) (< xamarinwatchos)) (&& (< monoandroid) (>= netcoreapp2.0) (< netcoreapp2.1) (< xamarinios) (< xamarinmac) (< xamarintvos) (< xamarinwatchos)) (>= monotouch) (>= net461) (&& (< netcoreapp2.0) (>= xamarinios)) (&& (< netcoreapp2.0) (>= xamarinmac)) (&& (< netstandard2.0) (>= xamarintvos)) (&& (< netstandard2.0) (>= xamarinwatchos)) (>= uap10.1)
      System.Text.Json (>= 5.0) - restriction: || (&& (>= monoandroid) (< netcoreapp2.0)) (&& (< monoandroid) (< net451) (< netcoreapp2.0) (>= netstandard2.0) (< xamarinios) (< xamarinmac) (< xamarintvos) (< xamarinwatchos)) (&& (< monoandroid) (< net50) (>= netcoreapp2.1) (< xamarinios) (< xamarinmac) (< xamarintvos) (< xamarinwatchos)) (&& (< monoandroid) (>= netcoreapp2.0) (< netcoreapp2.1) (< xamarinios) (< xamarinmac) (< xamarintvos) (< xamarinwatchos)) (>= monotouch) (>= net461) (&& (< netcoreapp2.0) (>= xamarinios)) (&& (< netcoreapp2.0) (>= xamarinmac)) (&& (< netstandard2.0) (>= xamarintvos)) (&& (< netstandard2.0) (>= xamarinwatchos)) (>= uap10.1)
    Microsoft.Extensions.Logging (5.0) - restriction: >= netstandard2.1
      Microsoft.Extensions.DependencyInjection (>= 5.0) - restriction: || (>= net461) (>= netstandard2.0)
      Microsoft.Extensions.DependencyInjection.Abstractions (>= 5.0) - restriction: || (>= net461) (>= netstandard2.0)
      Microsoft.Extensions.Logging.Abstractions (>= 5.0) - restriction: || (>= net461) (>= netstandard2.0)
      Microsoft.Extensions.Options (>= 5.0) - restriction: || (>= net461) (>= netstandard2.0)
      System.Diagnostics.DiagnosticSource (>= 5.0) - restriction: || (>= net461) (&& (< net50) (>= netstandard2.1)) (&& (>= netstandard2.0) (< netstandard2.1))
    Microsoft.Extensions.Logging.Abstractions (5.0) - restriction: >= netstandard2.1
    Microsoft.Extensions.Options (5.0) - restriction: >= netstandard2.1
      Microsoft.Extensions.DependencyInjection.Abstractions (>= 5.0) - restriction: || (>= net461) (>= netstandard2.0)
      Microsoft.Extensions.Primitives (>= 5.0) - restriction: || (>= net461) (>= netstandard2.0)
    Microsoft.Extensions.Primitives (5.0.1) - restriction: >= netstandard2.1
      System.Buffers (>= 4.5.1) - restriction: || (&& (>= monoandroid) (< netcoreapp2.0)) (&& (< monoandroid) (< netcoreapp2.0) (>= netstandard2.0) (< xamarinios) (< xamarinmac) (< xamarintvos) (< xamarinwatchos)) (>= monotouch) (>= net461) (&& (< netcoreapp2.0) (>= xamarinios)) (&& (< netcoreapp2.0) (>= xamarinmac)) (&& (< netstandard2.0) (>= xamarintvos)) (&& (< netstandard2.0) (>= xamarinwatchos))
      System.Memory (>= 4.5.4) - restriction: || (&& (< monoandroid) (>= netcoreapp2.0) (< netcoreapp2.1) (< xamarinios) (< xamarinmac) (< xamarintvos) (< xamarinwatchos)) (&& (< monoandroid) (< netcoreapp2.0) (>= netstandard2.0) (< xamarinios) (< xamarinmac) (< xamarintvos) (< xamarinwatchos)) (>= net461) (>= uap10.1)
      System.Runtime.CompilerServices.Unsafe (>= 5.0) - restriction: || (&& (>= monoandroid) (< netcoreapp2.0)) (&& (< monoandroid) (< net50) (>= netcoreapp3.0) (< xamarinios) (< xamarinmac) (< xamarintvos) (< xamarinwatchos)) (&& (< monoandroid) (>= netcoreapp2.0) (< netcoreapp2.1) (< xamarinios) (< xamarinmac) (< xamarintvos) (< xamarinwatchos)) (&& (< monoandroid) (< netcoreapp2.0) (>= netstandard2.0) (< xamarinios) (< xamarinmac) (< xamarintvos) (< xamarinwatchos)) (&& (< monoandroid) (>= netcoreapp2.1) (< netcoreapp3.0) (< xamarinios) (< xamarinmac) (< xamarintvos) (< xamarinwatchos)) (>= monotouch) (>= net461) (&& (< netcoreapp2.0) (>= xamarinios)) (&& (< netcoreapp2.0) (>= xamarinmac)) (&& (< netstandard2.0) (>= xamarintvos)) (&& (< netstandard2.0) (>= xamarinwatchos)) (>= uap10.1)
    SQLitePCLRaw.bundle_e_sqlite3 (2.0.4) - restriction: >= netstandard2.1
      SQLitePCLRaw.core (>= 2.0.4) - restriction: || (>= net461) (>= netstandard2.0) (>= xamarintvos)
      SQLitePCLRaw.lib.e_sqlite3 (>= 2.0.4) - restriction: || (&& (< monoandroid8.0) (>= netstandard2.0) (< xamarinios) (< xamarintvos)) (>= net461) (&& (>= netcoreapp3.1) (< xamarinios) (< xamarintvos))
      SQLitePCLRaw.lib.e_sqlite3.ios (>= 2.0.4) - restriction: >= xamarinios
      SQLitePCLRaw.lib.e_sqlite3.tvos (>= 2.0.4) - restriction: >= xamarintvos
      SQLitePCLRaw.provider.dynamic_cdecl (>= 2.0.4) - restriction: || (>= net461) (&& (>= netcoreapp3.1) (< xamarinios) (< xamarintvos))
      SQLitePCLRaw.provider.e_sqlite3 (>= 2.0.4) - restriction: || (&& (>= monoandroid8.0) (< netcoreapp3.1)) (&& (< monoandroid8.0) (< net461) (>= netstandard2.0) (< xamarinios) (< xamarintvos))
      SQLitePCLRaw.provider.internal (>= 2.0.4) - restriction: || (>= xamarinios) (>= xamarintvos)
    SQLitePCLRaw.core (2.0.4) - restriction: || (&& (>= netcoreapp3.1) (< xamarinios) (< xamarintvos)) (>= netstandard2.1)
      System.Memory (>= 4.5.3) - restriction: >= netstandard2.0
    SQLitePCLRaw.lib.e_sqlite3 (2.0.4) - restriction: || (&& (< monoandroid8.0) (>= netstandard2.1) (< xamarinios) (< xamarintvos)) (&& (>= net461) (>= netstandard2.1)) (&& (>= netcoreapp3.1) (< xamarinios) (< xamarintvos))
    SQLitePCLRaw.lib.e_sqlite3.ios (2.0.4) - restriction: && (>= netstandard2.1) (>= xamarinios)
    SQLitePCLRaw.lib.e_sqlite3.tvos (2.0.4) - restriction: && (>= netstandard2.1) (>= xamarintvos)
    SQLitePCLRaw.provider.dynamic_cdecl (2.0.4) - restriction: || (&& (>= net461) (>= netstandard2.1)) (&& (>= netcoreapp3.1) (< xamarinios) (< xamarintvos))
      SQLitePCLRaw.core (>= 2.0.4) - restriction: >= netstandard2.0
    SQLitePCLRaw.provider.e_sqlite3 (2.0.4) - restriction: || (&& (>= monoandroid8.0) (< netcoreapp3.1) (>= netstandard2.1)) (&& (< monoandroid8.0) (>= netstandard2.1) (< xamarinios) (< xamarintvos))
      SQLitePCLRaw.core (>= 2.0.4)
    SQLitePCLRaw.provider.internal (2.0.4) - restriction: || (&& (>= netstandard2.1) (>= xamarinios)) (&& (>= netstandard2.1) (>= xamarintvos))
      SQLitePCLRaw.core (>= 2.0.4) - restriction: >= netstandard2.0
    System.Buffers (4.5.1) - restriction: || (&& (>= monoandroid) (< netcoreapp2.0) (>= netstandard2.1)) (&& (< monoandroid) (< netcoreapp2.0) (>= netstandard2.1) (< xamarinios) (< xamarinmac) (< xamarintvos) (< xamarinwatchos)) (&& (>= monotouch) (>= netstandard2.1)) (&& (>= net461) (>= netstandard2.1)) (&& (< netcoreapp2.0) (>= netstandard2.1) (>= xamarinios)) (&& (< netcoreapp2.0) (>= netstandard2.1) (>= xamarinmac)) (&& (< netstandard2.0) (>= netstandard2.1) (>= xamarintvos)) (&& (< netstandard2.0) (>= netstandard2.1) (>= xamarinwatchos))
    System.Collections.Immutable (5.0) - restriction: >= netstandard2.1
      System.Memory (>= 4.5.4) - restriction: || (&& (< monoandroid) (< monotouch) (< net45) (>= netstandard1.3) (< netstandard2.0) (< win8) (< wpa81) (< xamarintvos) (< xamarinwatchos)) (&& (< monoandroid) (< net45) (< netcoreapp2.1) (>= netstandard2.0) (< xamarinios) (< xamarinmac) (< xamarintvos) (< xamarinwatchos)) (&& (>= net46) (< netstandard2.0)) (>= net461) (>= uap10.1)
    System.ComponentModel.Annotations (5.0) - restriction: >= netstandard2.1
    System.Diagnostics.DiagnosticSource (5.0.1) - restriction: >= netstandard2.1
      System.Memory (>= 4.5.4) - restriction: || (&& (< monoandroid) (< monotouch) (< net45) (>= netstandard1.3) (< netstandard2.0) (< win8) (< wpa81) (< xamarintvos) (< xamarinwatchos)) (&& (< monoandroid) (< net45) (< netcoreapp2.1) (>= netstandard2.0) (< xamarinios) (< xamarinmac) (< xamarintvos) (< xamarinwatchos)) (&& (>= net45) (< netstandard1.3)) (>= net46) (>= uap10.1)
      System.Runtime.CompilerServices.Unsafe (>= 5.0) - restriction: || (&& (>= monoandroid) (< netcoreapp2.1)) (&& (< monoandroid) (< net45) (< netcoreapp2.1) (>= netstandard2.0) (< xamarinios) (< xamarinmac) (< xamarintvos) (< xamarinwatchos)) (&& (< monoandroid) (< net45) (>= netstandard1.3) (< netstandard2.0) (< win8) (< wpa81) (< xamarintvos) (< xamarinwatchos)) (&& (< monoandroid) (>= netcoreapp2.1) (< netcoreapp3.0) (< xamarinios) (< xamarinmac) (< xamarintvos) (< xamarinwatchos)) (>= monotouch) (&& (>= net45) (< netstandard1.3)) (>= net46) (&& (< netcoreapp2.1) (>= xamarinios)) (&& (< netcoreapp2.1) (>= xamarinmac)) (&& (< netstandard2.0) (>= xamarintvos)) (&& (< netstandard2.0) (>= xamarinwatchos)) (>= uap10.1)
    System.Memory (4.5.4) - restriction: >= netstandard2.1
      System.Buffers (>= 4.5.1) - restriction: || (&& (>= monoandroid) (< netcoreapp2.0)) (&& (< monoandroid) (< net45) (< netcoreapp2.0) (>= netstandard2.0)) (&& (< monoandroid) (< net45) (>= netstandard1.1) (< netstandard2.0) (< win8) (< wpa81)) (&& (< monoandroid) (< netstandard1.1) (>= portable-net45+win8+wpa81) (< win8)) (>= monotouch) (&& (>= net45) (< netstandard2.0)) (>= net461) (&& (< netstandard1.1) (>= win8)) (&& (< netstandard2.0) (< uap10.1) (>= wpa81)) (>= xamarinios) (>= xamarinmac) (>= xamarintvos) (>= xamarinwatchos)
      System.Numerics.Vectors (>= 4.4) - restriction: && (< monoandroid) (< net45) (< netcoreapp2.0) (>= netstandard2.0) (< xamarinios) (< xamarinmac) (< xamarintvos) (< xamarinwatchos)
      System.Runtime.CompilerServices.Unsafe (>= 4.5.3) - restriction: || (&& (>= monoandroid) (< netcoreapp2.0)) (&& (< monoandroid) (< net45) (< netcoreapp2.0) (>= netstandard2.0)) (&& (< monoandroid) (< net45) (>= netstandard1.1) (< netstandard2.0) (< win8) (< wpa81)) (&& (< monoandroid) (>= netcoreapp2.0) (< netcoreapp2.1)) (&& (< monoandroid) (< netstandard1.1) (>= portable-net45+win8+wpa81) (< win8)) (>= monotouch) (&& (>= net45) (< netstandard2.0)) (>= net461) (&& (< netstandard1.1) (>= win8)) (&& (< netstandard2.0) (>= wpa81)) (>= uap10.1) (>= xamarinios) (>= xamarinmac) (>= xamarintvos) (>= xamarinwatchos)
    System.Numerics.Vectors (4.5) - restriction: || (&& (< monoandroid) (< netcoreapp2.0) (>= netstandard2.1) (< xamarinios) (< xamarinmac) (< xamarintvos) (< xamarinwatchos)) (&& (>= monotouch) (>= netstandard2.1)) (&& (>= net461) (>= netstandard2.1)) (&& (>= netstandard2.1) (>= uap10.1))
    System.Runtime.CompilerServices.Unsafe (5.0) - restriction: || (&& (>= monoandroid) (< netcoreapp2.0) (>= netstandard2.1)) (&& (>= monoandroid) (< netcoreapp2.1) (>= netstandard2.1)) (&& (< monoandroid) (< net50) (>= netcoreapp3.0) (< xamarinios) (< xamarinmac) (< xamarintvos) (< xamarinwatchos)) (&& (< monoandroid) (< netcoreapp2.0) (>= netstandard2.1) (< xamarinios) (< xamarinmac) (< xamarintvos) (< xamarinwatchos)) (&& (< monoandroid) (>= netcoreapp2.1) (< netcoreapp3.0) (>= netstandard2.1) (< xamarinios) (< xamarinmac) (< xamarintvos) (< xamarinwatchos)) (&& (< monoandroid) (< netcoreapp2.1) (>= netstandard2.1) (< xamarinios) (< xamarinmac) (< xamarintvos) (< xamarinwatchos)) (&& (< monoandroid) (< netstandard2.0) (>= netstandard2.1) (< xamarintvos) (< xamarinwatchos)) (&& (>= monotouch) (>= netstandard2.1)) (&& (>= net45) (< netstandard1.3) (>= netstandard2.1)) (&& (>= net46) (>= netstandard2.1)) (&& (>= net461) (>= netstandard2.1)) (&& (< netcoreapp2.0) (>= netstandard2.1) (>= xamarinios)) (&& (< netcoreapp2.0) (>= netstandard2.1) (>= xamarinmac)) (&& (< netcoreapp2.1) (>= netstandard2.1) (>= xamarinios)) (&& (< netcoreapp2.1) (>= netstandard2.1) (>= xamarinmac)) (&& (< netstandard2.0) (>= netstandard2.1) (>= xamarintvos)) (&& (< netstandard2.0) (>= netstandard2.1) (>= xamarinwatchos)) (&& (>= netstandard2.1) (>= uap10.1))
    System.Text.Encodings.Web (5.0.1) - restriction: || (&& (>= monoandroid) (< netcoreapp2.0) (>= netstandard2.1)) (&& (< monoandroid) (< net50) (>= netcoreapp2.1) (>= netstandard2.1) (< xamarinios) (< xamarinmac) (< xamarintvos) (< xamarinwatchos)) (&& (< monoandroid) (< net50) (>= netcoreapp3.0) (< xamarinios) (< xamarinmac) (< xamarintvos) (< xamarinwatchos)) (&& (< monoandroid) (>= netcoreapp2.0) (< netcoreapp2.1) (>= netstandard2.1) (< xamarinios) (< xamarinmac) (< xamarintvos) (< xamarinwatchos)) (&& (< monoandroid) (< netcoreapp2.0) (>= netcoreapp3.0) (< xamarinios) (< xamarinmac) (< xamarintvos) (< xamarinwatchos)) (&& (< monoandroid) (< netcoreapp2.0) (>= netstandard2.1) (< xamarinios) (< xamarinmac) (< xamarintvos) (< xamarinwatchos)) (&& (< monoandroid) (>= netcoreapp2.1) (< netcoreapp3.0) (>= netstandard2.1) (< xamarinios) (< xamarinmac) (< xamarintvos) (< xamarinwatchos)) (&& (< monoandroid) (< netcoreapp2.1) (>= netcoreapp3.0) (< xamarinios) (< xamarinmac) (< xamarintvos) (< xamarinwatchos)) (&& (>= monotouch) (>= netcoreapp3.0)) (&& (>= monotouch) (>= netstandard2.1)) (&& (>= net461) (>= netcoreapp3.0)) (&& (>= net461) (>= netstandard2.1)) (&& (< netcoreapp2.0) (>= netstandard2.1) (>= xamarinios)) (&& (< netcoreapp2.0) (>= netstandard2.1) (>= xamarinmac)) (&& (>= netcoreapp3.0) (>= uap10.1)) (&& (< netstandard2.0) (>= netstandard2.1) (>= xamarintvos)) (&& (< netstandard2.0) (>= netstandard2.1) (>= xamarinwatchos)) (&& (>= netstandard2.1) (>= uap10.1))
    System.Text.Json (5.0.2) - restriction: || (&& (>= monoandroid) (< netcoreapp2.0) (>= netstandard2.1)) (&& (< monoandroid) (< net50) (>= netcoreapp2.1) (>= netstandard2.1) (< xamarinios) (< xamarinmac) (< xamarintvos) (< xamarinwatchos)) (&& (< monoandroid) (>= netcoreapp2.0) (< netcoreapp2.1) (>= netstandard2.1) (< xamarinios) (< xamarinmac) (< xamarintvos) (< xamarinwatchos)) (&& (< monoandroid) (< netcoreapp2.0) (>= netstandard2.1) (< xamarinios) (< xamarinmac) (< xamarintvos) (< xamarinwatchos)) (&& (>= monotouch) (>= netstandard2.1)) (&& (>= net461) (>= netstandard2.1)) (&& (< netcoreapp2.0) (>= netstandard2.1) (>= xamarinios)) (&& (< netcoreapp2.0) (>= netstandard2.1) (>= xamarinmac)) (&& (< netstandard2.0) (>= netstandard2.1) (>= xamarintvos)) (&& (< netstandard2.0) (>= netstandard2.1) (>= xamarinwatchos)) (&& (>= netstandard2.1) (>= uap10.1))
      Microsoft.Bcl.AsyncInterfaces (>= 5.0) - restriction: || (&& (>= monoandroid) (< netcoreapp2.0)) (&& (< monoandroid) (>= netcoreapp2.0) (< netcoreapp2.1) (< xamarinios) (< xamarinmac) (< xamarintvos) (< xamarinwatchos)) (&& (< monoandroid) (< netcoreapp2.0) (>= netstandard2.0) (< xamarinios) (< xamarinmac) (< xamarintvos) (< xamarinwatchos)) (&& (< monoandroid) (>= netcoreapp2.1) (< netcoreapp3.0) (< xamarinios) (< xamarinmac) (< xamarintvos) (< xamarinwatchos)) (>= monotouch) (>= net461) (&& (< netcoreapp2.0) (>= xamarinios)) (&& (< netcoreapp2.0) (>= xamarinmac)) (&& (< netstandard2.0) (>= xamarintvos)) (&& (< netstandard2.0) (>= xamarinwatchos)) (>= uap10.1)
      System.Buffers (>= 4.5.1) - restriction: || (&& (>= monoandroid) (< netcoreapp2.0)) (&& (< monoandroid) (< netcoreapp2.0) (>= netstandard2.0) (< xamarinios) (< xamarinmac) (< xamarintvos) (< xamarinwatchos)) (>= monotouch) (>= net461) (&& (< netcoreapp2.0) (>= xamarinios)) (&& (< netcoreapp2.0) (>= xamarinmac)) (&& (< netstandard2.0) (>= xamarintvos)) (&& (< netstandard2.0) (>= xamarinwatchos))
      System.Memory (>= 4.5.4) - restriction: || (&& (< monoandroid) (>= netcoreapp2.0) (< netcoreapp2.1) (< xamarinios) (< xamarinmac) (< xamarintvos) (< xamarinwatchos)) (&& (< monoandroid) (< netcoreapp2.0) (>= netstandard2.0) (< xamarinios) (< xamarinmac) (< xamarintvos) (< xamarinwatchos)) (>= net461) (>= uap10.1)
      System.Numerics.Vectors (>= 4.5) - restriction: || (&& (< monoandroid) (< netcoreapp2.0) (>= netstandard2.0) (< xamarinios) (< xamarinmac) (< xamarintvos) (< xamarinwatchos)) (>= net461)
      System.Runtime.CompilerServices.Unsafe (>= 5.0) - restriction: || (&& (>= monoandroid) (< netcoreapp2.0)) (&& (< monoandroid) (< net50) (>= netcoreapp3.0) (< xamarinios) (< xamarinmac) (< xamarintvos) (< xamarinwatchos)) (&& (< monoandroid) (>= netcoreapp2.0) (< netcoreapp2.1) (< xamarinios) (< xamarinmac) (< xamarintvos) (< xamarinwatchos)) (&& (< monoandroid) (< netcoreapp2.0) (>= netstandard2.0) (< xamarinios) (< xamarinmac) (< xamarintvos) (< xamarinwatchos)) (&& (< monoandroid) (>= netcoreapp2.1) (< netcoreapp3.0) (< xamarinios) (< xamarinmac) (< xamarintvos) (< xamarinwatchos)) (>= monotouch) (>= net461) (&& (< netcoreapp2.0) (>= xamarinios)) (&& (< netcoreapp2.0) (>= xamarinmac)) (&& (< netstandard2.0) (>= xamarintvos)) (&& (< netstandard2.0) (>= xamarinwatchos)) (>= uap10.1)
      System.Text.Encodings.Web (>= 5.0.1) - restriction: || (&& (>= monoandroid) (< netcoreapp2.0)) (&& (< monoandroid) (< net50) (>= netcoreapp3.0) (< xamarinios) (< xamarinmac) (< xamarintvos) (< xamarinwatchos)) (&& (< monoandroid) (>= netcoreapp2.0) (< netcoreapp2.1) (< xamarinios) (< xamarinmac) (< xamarintvos) (< xamarinwatchos)) (&& (< monoandroid) (< netcoreapp2.0) (>= netstandard2.0) (< xamarinios) (< xamarinmac) (< xamarintvos) (< xamarinwatchos)) (&& (< monoandroid) (>= netcoreapp2.1) (< netcoreapp3.0) (< xamarinios) (< xamarinmac) (< xamarintvos) (< xamarinwatchos)) (>= monotouch) (>= net461) (&& (< netcoreapp2.0) (>= xamarinios)) (&& (< netcoreapp2.0) (>= xamarinmac)) (&& (< netstandard2.0) (>= xamarintvos)) (&& (< netstandard2.0) (>= xamarinwatchos)) (>= uap10.1)
      System.Threading.Tasks.Extensions (>= 4.5.4) - restriction: || (&& (< monoandroid) (>= netcoreapp2.0) (< netcoreapp2.1) (< xamarinios) (< xamarinmac) (< xamarintvos) (< xamarinwatchos)) (&& (< monoandroid) (< netcoreapp2.0) (>= netstandard2.0) (< xamarinios) (< xamarinmac) (< xamarintvos) (< xamarinwatchos)) (>= net461) (>= uap10.1)
    System.Threading.Tasks.Extensions (4.5.4) - restriction: || (&& (< monoandroid) (>= netcoreapp2.0) (< netcoreapp2.1) (>= netstandard2.1) (< xamarinios) (< xamarinmac) (< xamarintvos) (< xamarinwatchos)) (&& (< monoandroid) (< netcoreapp2.0) (>= netstandard2.1) (< xamarinios) (< xamarinmac) (< xamarintvos) (< xamarinwatchos)) (&& (>= monotouch) (>= netstandard2.1)) (&& (>= net461) (>= netstandard2.1)) (&& (>= netstandard2.1) (>= uap10.1))
      System.Runtime.CompilerServices.Unsafe (>= 4.5.3) - restriction: || (&& (< monoandroid) (< monotouch) (< net45) (>= netstandard1.0) (< netstandard2.0) (< win8) (< wpa81) (< xamarintvos) (< xamarinwatchos)) (&& (< monoandroid) (< net45) (< netcoreapp2.1) (>= netstandard2.0) (< xamarinios) (< xamarinmac) (< xamarintvos) (< xamarinwatchos)) (&& (< monoandroid) (< netstandard1.0) (>= portable-net45+win8+wp8+wpa81) (< win8)) (&& (>= net45) (< netstandard2.0)) (>= net461) (&& (< netstandard1.0) (>= win8)) (&& (< netstandard2.0) (>= wpa81)) (>= wp8)
